PATH
  remote: .
  specs:
    include_js (0.1.0)
      therubyracer (~> 0.8.1)

GEM
  remote: http://rubygems.org/
  specs:
    diff-lcs (1.1.2)
    rspec (2.6.0)
      rspec-core (~> 2.6.0)
      rspec-expectations (~> 2.6.0)
      rspec-mocks (~> 2.6.0)
    rspec-core (2.6.0)
    rspec-expectations (2.6.0)
      diff-lcs (~> 1.1.2)
    rspec-mocks (2.6.0)
    therubyracer (0.8.1)

PLATFORMS
  ruby

DEPENDENCIES
  include_js!
  rspec (~> 2.6.0)
